GEM
  remote: http://rubygems.org/
  specs:
    bond (0.4.3)
    bson (1.9.1)
    bson_ext (1.9.1)
      bson (~> 1.9.1)
    daemons (1.1.9)
    eaal (0.1.12)
      faraday (>= 0.8.4)
      hpricot (>= 0.6)
      memcache-client (>= 1.7.1)
    eventmachine (1.0.3)
    faraday (0.8.8)
      multipart-post (~> 1.2.0)
    haml (4.0.3)
      tilt
    hiredis (0.4.5)
    hpricot (0.8.6)
    json (1.8.0)
    memcache-client (1.8.5)
    mini_portile (0.5.1)
    multipart-post (1.2.0)
    nokogiri (1.6.0)
      mini_portile (~> 0.5.0)
    rack (1.5.2)
    rack-protection (1.5.0)
      rack
    rack-test (0.6.2)
      rack (>= 1.0)
    rake (10.1.0)
    redis (3.0.4)
    ripl (0.7.0)
      bond (~> 0.4.2)
    ripl-multi_line (0.3.1)
      ripl (>= 0.3.6)
    ripl-rack (0.2.0)
      rack (>= 1.0)
      rack-test (>= 0.5)
      ripl (>= 0.3.5)
    rubyzip (0.9.9)
    sass (3.2.10)
    sinatra (1.4.3)
      rack (~> 1.4)
      rack-protection (~> 1.4)
      tilt (~> 1.3, >= 1.3.4)
    sinatra-flash (0.3.0)
      sinatra (>= 1.0.0)
    sinatra-redirect-with-flash (0.2.0)
      sinatra (>= 1.0.0)
    sinatra-static-assets (1.0.4)
      sinatra (>= 1.1.0)
    thin (1.5.1)
      daemons (>= 1.0.9)
      eventmachine (>= 0.12.6)
      rack (>= 1.0.0)
    tilt (1.4.1)
    tux (0.3.0)
      ripl (>= 0.3.5)
      ripl-multi_line (>= 0.2.4)
      ripl-rack (>= 0.2.0)
      sinatra (>= 1.2.1)

PLATFORMS
  ruby

DEPENDENCIES
  bson_ext
  eaal
  haml
  hiredis
  json
  nokogiri
  rack
  rack-test
  rake
  redis
  rubyzip
  sass
  sinatra
  sinatra-flash
  sinatra-redirect-with-flash
  sinatra-static-assets
  thin
  tux
